GEM
  remote: https://rubygems.org/
  specs:

PLATFORMS
  java

DEPENDENCIES
