GEM
  remote: http://rubygems.org/
  specs:

PLATFORMS
  java

DEPENDENCIES
